GEM
  remote: https://rubygems.org/
  specs:
    daemons (1.2.2)
    eventmachine (1.0.7)
    newrelic_rpm (3.11.2.286)
    rack (1.6.0)
    thin (1.6.3)
      daemons (~> 1.0, >= 1.0.9)
      eventmachine (~> 1.0)
      rack (~> 1.0)

PLATFORMS
  x64-mingw32

DEPENDENCIES
  newrelic_rpm
  rack
  thin
